GEM
  remote: https://rubygems.org/
  specs:
    table_print (1.5.6)
    terminal-table (1.8.0)
      unicode-display_width (~> 1.1, >= 1.1.1)
    unicode-display_width (1.2.1)

PLATFORMS
  ruby

DEPENDENCIES
  table_print
  terminal-table

BUNDLED WITH
   1.13.1
